NUGET
  remote: http://api.nuget.org/v3/index.json
  specs:
    FAKE (4.29.2)
    FSharp.Data (2.3.1)
      Zlib.Portable (>= 1.11.0) - framework: portable-net45+sl5+win8, portable-net45+win8, portable-net45+win8+wp8+wpa81
    Zlib.Portable (1.11.0) - framework: portable-net45+sl5+win8, portable-net45+win8, portable-net45+win8+wp8+wpa81
